GEM
  remote: https://rubygems.org/
  specs:
    haml (4.0.5)
      tilt
    kramdown (1.4.1)
    rainbow (2.0.0)
    slim (2.0.3)
      temple (~> 0.6.6)
      tilt (>= 1.3.3, < 2.1)
    temple (0.6.8)
    tilt (2.0.1)

PLATFORMS
  ruby

DEPENDENCIES
  haml
  kramdown
  rainbow
  slim
